GEM
  remote: https://rubygems.org/
  specs:
    activesupport (5.1.3)
      concurrent-ruby (~> 1.0, >= 1.0.2)
      i18n (~> 0.7)
      minitest (~> 5.1)
      tzinfo (~> 1.1)
    axiom-types (0.1.1)
      descendants_tracker (~> 0.0.4)
      ice_nine (~> 0.11.0)
      thread_safe (~> 0.3, >= 0.3.1)
    byebug (9.0.6)
    coercible (1.0.0)
      descendants_tracker (~> 0.0.1)
    concurrent-ruby (1.0.5)
    descendants_tracker (0.0.4)
      thread_safe (~> 0.3, >= 0.3.1)
    digest-sha3 (1.1.0)
    domain_name (0.5.24)
      unf (>= 0.0.5, < 1.0.0)
    equalizer (0.0.11)
    eth (0.4.4)
      digest-sha3 (~> 1.1)
      ffi (~> 1.0)
      money-tree (~> 0.9)
      rlp (~> 0.7.3)
    ethereum.rb (2.1.7)
      activesupport (~> 5.0)
      digest-sha3 (~> 1.1)
    faraday (0.13.1)
      multipart-post (>= 1.2, < 3)
    ffi (1.9.18)
    http-cookie (1.0.2)
      domain_name (~> 0.5)
    i18n (0.8.6)
    ice_nine (0.11.2)
    mime-types (2.99.3)
    minitest (5.10.3)
    money-tree (0.9.0)
      ffi
    multipart-post (2.0.0)
    netrc (0.10.3)
    oj (2.11.1)
    rest-client (1.8.0)
      http-cookie (>= 1.0.2, < 2.0)
      mime-types (>= 1.16, < 3.0)
      netrc (~> 0.7)
    rlp (0.7.3)
    telegram-bot-ruby (0.8.3)
      faraday
      virtus
    thread_safe (0.3.6)
    tzinfo (1.2.3)
      thread_safe (~> 0.1)
    unf (0.1.4)
      unf_ext
    unf_ext (0.0.6)
    virtus (1.0.5)
      axiom-types (~> 0.1)
      coercible (~> 1.0)
      descendants_tracker (~> 0.0, >= 0.0.3)
      equalizer (~> 0.0, >= 0.0.9)

PLATFORMS
  ruby

DEPENDENCIES
  byebug
  eth
  ethereum.rb
  oj
  rest-client
  telegram-bot-ruby

BUNDLED WITH
   1.14.6
